GIT
  remote: git://github.com/capistrano/symfony.git
  revision: 2dc4eb50face65db3012dd35fd8e34e3df3471eb
  specs:
    capistrano-symfony (0.4.0)
      capistrano (~> 3.1)
      capistrano-composer (~> 0.0.3)
      capistrano-file-permissions (~> 0.1.0)

GEM
  remote: https://rubygems.org/
  specs:
    capistrano (3.3.3)
      capistrano-stats (~> 1.0.3)
      i18n
      rake (>= 10.0.0)
      sshkit (~> 1.3)
    capistrano-bower (1.0.0)
      capistrano (~> 3.0)
    capistrano-composer (0.0.4)
      capistrano (>= 3.0.0.pre)
    capistrano-file-permissions (0.1.0)
      capistrano (>= 3.0.0)
    capistrano-gulp (0.0.1)
      capistrano (~> 3.0)
    capistrano-npm (1.0.1)
      capistrano (>= 3.0.0)
    capistrano-stats (1.0.3)
    colorize (0.7.3)
    i18n (0.6.11)
    net-scp (1.2.1)
      net-ssh (>= 2.6.5)
    net-ssh (2.9.1)
    rake (10.4.2)
    sshkit (1.5.1)
      colorize
      net-scp (>= 1.1.2)
      net-ssh (>= 2.8.0)

PLATFORMS
  ruby

DEPENDENCIES
  capistrano (~> 3.1)
  capistrano-bower
  capistrano-gulp (~> 0.0.1)
  capistrano-npm
  capistrano-symfony (~> 0.1)!
